GEM
  remote: https://rubygems.org/
  specs:
    addressable (2.8.1)
      public_suffix (>= 2.0.2, < 6.0)
    ansi (1.5.0)
    asciidoctor (2.0.18)
    asciidoctor-jenkins-extensions (0.9.0)
      asciidoctor (>= 1.5.5)
      coderay (~> 1.1.1)
      colorize (~> 0.8.1)
    ast (2.4.2)
    awestruct (0.6.4)
      asciidoctor (>= 1.5.2, < 3.0)
      git (~> 1.2, >= 1.2.6)
      guard (~> 2.0, >= 2.13.0)
      guard-livereload (~> 2.0, >= 2.1.2)
      haml (>= 4.0.5, < 6.0)
      listen (~> 3.1)
      logging (~> 2.2)
      mime-types (~> 3.0)
      oga (~> 2.0)
      parallel (~> 1.0, > 1.1.1)
      rack (~> 2.0)
      rest-client (~> 2.0)
      tilt (~> 2.0, >= 2.0.1)
    awestruct-ibeams (0.4.3)
      awestruct (>= 0.5.6, < 0.7.0)
      naturally (~> 2.1.0)
    coderay (1.1.3)
    colorize (0.8.1)
    concurrent-ruby (1.1.6)
    domain_name (0.5.20190701)
      unf (>= 0.0.5, < 1.0.0)
    em-websocket (0.5.3)
      eventmachine (>= 0.12.9)
      http_parser.rb (~> 0)
    eventmachine (1.2.7)
    faraday (2.7.2)
      faraday-net_http (>= 2.0, < 3.1)
      ruby2_keywords (>= 0.0.4)
    faraday-follow_redirects (0.3.0)
      faraday (>= 1, < 3)
    faraday-net_http (3.0.2)
    ffi (1.13.1)
    formatador (1.1.0)
    git (1.13.1)
      addressable (~> 2.8)
      rchardet (~> 1.8)
    guard (2.18.0)
      formatador (>= 0.2.4)
      listen (>= 2.7, < 4.0)
      lumberjack (>= 1.0.12, < 2.0)
      nenv (~> 0.1)
      notiffany (~> 0.0)
      pry (>= 0.13.0)
      shellany (~> 0.0)
      thor (>= 0.18.1)
    guard-compat (1.2.1)
    guard-livereload (2.5.2)
      em-websocket (~> 0.5)
      guard (~> 2.8)
      guard-compat (~> 1.0)
      multi_json (~> 1.8)
    haml (5.2.2)
      temple (>= 0.8.0)
      tilt
    http-accept (1.7.0)
    http-cookie (1.0.5)
      domain_name (~> 0.5)
    http_parser.rb (0.8.0)
    kramdown (2.4.0)
      rexml
    liquid (5.4.0)
    listen (3.8.0)
      rb-fsevent (~> 0.10, >= 0.10.3)
      rb-inotify (~> 0.9, >= 0.9.10)
    little-plugger (1.1.4)
    logging (2.3.1)
      little-plugger (~> 1.1)
      multi_json (~> 1.14)
    lumberjack (1.2.8)
    method_source (1.0.0)
    mime-types (3.4.1)
      mime-types-data (~> 3.2015)
    mime-types-data (3.2022.0105)
    multi_json (1.15.0)
    naturally (2.1.0)
    nenv (0.3.0)
    netrc (0.11.0)
    notiffany (0.1.3)
      nenv (~> 0.1)
      shellany (~> 0.0)
    oga (2.15)
      ast
      ruby-ll (~> 2.1)
    parallel (1.22.1)
    pry (0.14.2)
      coderay (~> 1.1)
      method_source (~> 1.0)
    public_suffix (5.0.1)
    rack (2.2.6.2)
    rb-fsevent (0.11.2)
    rb-inotify (0.10.1)
      ffi (~> 1.0)
    rchardet (1.8.0)
    rest-client (2.1.0)
      http-accept (>= 1.7.0, < 2.0)
      http-cookie (>= 1.0.2, < 2.0)
      mime-types (>= 1.16, < 4.0)
      netrc (~> 0.8)
    rexml (3.2.5)
    rouge (3.30.0)
    rss (0.2.9)
      rexml
    ruby-ll (2.1.2)
      ansi
      ast
    ruby2_keywords (0.0.5)
    rubyzip (2.3.2)
    sassc (2.4.0)
      ffi (~> 1.9)
    shellany (0.0.1)
    temple (0.10.0)
    thor (1.2.1)
    tilt (2.0.11)
    unf (0.1.4)
      unf_ext
    unf_ext (0.0.8.2)
    webrick (1.8.0)

PLATFORMS
  ruby

DEPENDENCIES
  asciidoctor (~> 2.0.18)
  asciidoctor-jenkins-extensions (~> 0.9.0)
  awestruct (~> 0.6.4)
  awestruct-ibeams (~> 0.4)
  colorize
  concurrent-ruby (~> 1.1)
  faraday (~> 2.7.2)
  faraday-follow_redirects (~> 0.3.0)
  haml (~> 5.2.0)
  kramdown (~> 2.4.0)
  liquid (~> 5.4.0)
  rouge
  rss
  rubyzip (~> 2.3.2)
  sassc
  webrick (~> 1.8.0)

BUNDLED WITH
   2.4.1
